GEM
  remote: https://rubygems.org/
  specs:
    activesupport (6.0.6.1)
      concurrent-ruby (~> 1.0, >= 1.0.2)
      i18n (>= 0.7, < 2)
      minitest (~> 5.1)
      tzinfo (~> 1.1)
      zeitwerk (~> 2.2, >= 2.2.2)
    addressable (2.8.1)
      public_suffix (>= 2.0.2, < 6.0)
    base64 (0.3.0)
    bcrypt (3.1.7)
    bcrypt-ruby (3.1.5)
      bcrypt (>= 3.1.3)
    concurrent-ruby (1.3.5)
    data_objects (0.10.14)
      addressable (~> 2.1)
    database_cleaner (0.9.1)
    date (3.4.1)
    diff-lcs (1.2.5)
    dm-aggregates (1.2.0)
      dm-core (~> 1.2.0)
    dm-constraints (1.2.0)
      dm-core (~> 1.2.0)
    dm-core (1.2.1)
      addressable (~> 2.3)
    dm-do-adapter (1.2.0)
      data_objects (~> 0.10.6)
      dm-core (~> 1.2.0)
    dm-migrations (1.2.0)
      dm-core (~> 1.2.0)
    dm-sqlite-adapter (1.2.0)
      dm-do-adapter (~> 1.2.0)
      do_sqlite3 (~> 0.10.6)
    dm-timestamps (1.2.0)
      dm-core (~> 1.2.0)
    dm-types (1.2.2)
      bcrypt-ruby (~> 3.0)
      dm-core (~> 1.2.0)
      fastercsv (~> 1.5)
      json (~> 1.6)
      multi_json (~> 1.0)
      stringex (~> 1.4)
      uuidtools (~> 2.1)
    dm-validations (1.2.0)
      dm-core (~> 1.2.0)
    do_sqlite3 (0.10.14)
      data_objects (= 0.10.14)
    enumerable-lazy (0.0.2)
    erubis (2.7.0)
    fastercsv (1.5.5)
    i18n (0.9.5)
      concurrent-ruby (~> 1.0)
    json (1.8.6)
    logger (1.7.0)
    mail (2.8.1)
      mini_mime (>= 0.1.1)
      net-imap
      net-pop
      net-smtp
    mime-types (2.99.3)
    mini_mime (1.1.5)
    minitest (5.25.5)
    moneta (0.8.1)
    multi_json (1.10.1)
    mustermann (3.0.3)
      ruby2_keywords (~> 0.0.1)
    mustermann19 (0.4.4)
      enumerable-lazy
    net-imap (0.4.22)
      date
      net-protocol
    net-pop (0.1.2)
      net-protocol
    net-protocol (0.2.2)
      timeout
    net-smtp (0.5.1)
      net-protocol
    padrino (0.13.3.1)
      padrino-admin (= 0.13.3.1)
      padrino-cache (= 0.13.3.1)
      padrino-core (= 0.13.3.1)
      padrino-gen (= 0.13.3.1)
      padrino-helpers (= 0.13.3.1)
      padrino-mailer (= 0.13.3.1)
      padrino-support (= 0.13.3.1)
    padrino-admin (0.13.3.1)
      padrino-core (= 0.13.3.1)
      padrino-helpers (= 0.13.3.1)
    padrino-cache (0.13.3.1)
      moneta (~> 0.8.0)
      padrino-core (= 0.13.3.1)
      padrino-helpers (= 0.13.3.1)
    padrino-core (0.13.3.1)
      activesupport (>= 3.1)
      mustermann19
      padrino-support (= 0.13.3.1)
      rack-protection (>= 1.5.0)
      sinatra (>= 1.4.6)
      thor (~> 0.18)
    padrino-gen (0.13.3.1)
      bundler (~> 1.0)
      padrino-core (= 0.13.3.1)
    padrino-helpers (0.13.3.1)
      i18n (~> 0.6, >= 0.6.7)
      padrino-support (= 0.13.3.1)
      tilt (>= 1.4.1, < 3)
    padrino-mailer (0.13.3.1)
      mail (~> 2.5)
      mime-types (< 3)
      padrino-core (= 0.13.3.1)
    padrino-support (0.13.3.1)
      activesupport (>= 3.1)
    public_suffix (5.0.0)
    rack (3.1.16)
    rack-protection (4.1.1)
      base64 (>= 0.1.0)
      logger (>= 1.6.0)
      rack (>= 3.0.0, < 4)
    rack-session (2.1.1)
      base64 (>= 0.1.0)
      rack (>= 3.0.0)
    rack-test (2.2.0)
      rack (>= 1.3)
    rake (13.0.1)
    rspec (2.14.1)
      rspec-core (~> 2.14.0)
      rspec-expectations (~> 2.14.0)
      rspec-mocks (~> 2.14.0)
    rspec-core (2.14.8)
    rspec-expectations (2.14.5)
      diff-lcs (>= 1.1.3, < 2.0)
    rspec-mocks (2.14.6)
    ruby2_keywords (0.0.5)
    sinatra (4.1.1)
      logger (>= 1.6.0)
      mustermann (~> 3.0)
      rack (>= 3.0.0, < 4)
      rack-protection (= 4.1.1)
      rack-session (>= 2.0.0, < 3)
      tilt (~> 2.0)
    stringex (1.5.1)
    thor (0.20.3)
    thread_safe (0.3.6)
    tilt (2.6.0)
    timeout (0.4.3)
    tzinfo (1.2.11)
      thread_safe (~> 0.1)
    uuidtools (2.1.4)
    zeitwerk (2.6.18)

PLATFORMS
  ruby

DEPENDENCIES
  bcrypt
  database_cleaner
  dm-aggregates
  dm-constraints
  dm-core
  dm-migrations
  dm-sqlite-adapter
  dm-timestamps
  dm-types
  dm-validations
  erubis (~> 2.7.0)
  padrino (= 0.13.3.1)
  rack-test (>= 2.0.0)
  rake (>= 12.3.3)
  rspec

BUNDLED WITH
   1.17.3
